GEM
  remote: https://rubygems.org/
  specs:
    menu-motion (0.1.3)
    motion-fileutils (0.1.1)
    rake (10.3.2)

PLATFORMS
  ruby

DEPENDENCIES
  menu-motion
  motion-fileutils
  rake
